GEM
  remote: http://rubygems.org/
  remote: http://gems.github.com/
  specs:
    activesupport (3.2.11)
      i18n (~> 0.6)
      multi_json (~> 1.0)
    addressable (2.3.2)
    faraday (0.8.4)
      multipart-post (~> 1.1)
    faraday_middleware (0.9.0)
      faraday (>= 0.7.4, < 0.9)
    fast_xs (0.8.0)
    gemnasium-parser (0.1.9)
    hashie (1.2.0)
    i18n (0.6.1)
    multi_json (1.5.0)
    multipart-post (1.1.5)
    netrc (0.7.7)
    octokit (1.22.0)
      addressable (~> 2.2)
      faraday (~> 0.8)
      faraday_middleware (~> 0.9)
      hashie (~> 1.2)
      multi_json (~> 1.3)
      netrc (~> 0.7.7)
    unix_utils (0.0.15)
    xlsx_writer (0.4.0)
      activesupport
      fast_xs
      unix_utils

PLATFORMS
  ruby

DEPENDENCIES
  bundler (~> 1.2.1)
  gemnasium-parser (= 0.1.9)
  octokit (= 1.22.0)
  xlsx_writer
